PATH
  remote: .
  specs:
    vanilla (2.0.0.beta)
      RedCloth (>= 4.1.1)
      bluecloth (>= 2.0.0)
      haml (>= 3.1)
      parslet (>= 1.5.0)
      rack (>= 0.9.1)
      rack-test (>= 0.5.7)
      ratom (>= 0.3.5)
      soup (>= 1.0.13)

GEM
  remote: https://rubygems.org/
  specs:
    RedCloth (4.3.2)
    addressable (2.7.0)
      public_suffix (>= 2.0.2, < 5.0)
    bluecloth (2.2.0)
    byebug (11.1.3)
    capybara (3.33.0)
      addressable
      mini_mime (>= 0.1.3)
      nokogiri (~> 1.8)
      rack (>= 1.6.0)
      rack-test (>= 0.6.3)
      regexp_parser (~> 1.5)
      xpath (~> 3.2)
    haml (5.1.2)
      temple (>= 0.8.0)
      tilt
    kintama (0.2)
    launchy (2.5.0)
      addressable (~> 2.7)
    libxml-ruby (2.9.0)
    mini_mime (1.0.2)
    mini_portile2 (2.4.0)
    mocha (1.11.2)
    nokogiri (1.10.10)
      mini_portile2 (~> 2.4.0)
    parslet (2.0.0)
    public_suffix (4.0.5)
    rack (2.2.3)
    rack-test (1.1.0)
      rack (>= 1.0, < 3)
    rake (13.0.1)
    ratom (0.9.0)
      libxml-ruby (~> 2.6)
    regexp_parser (1.7.1)
    soup (1.0.14)
    temple (0.8.2)
    tilt (2.0.10)
    xpath (3.2.0)
      nokogiri (~> 1.8)

PLATFORMS
  ruby

DEPENDENCIES
  byebug
  capybara
  kintama (>= 0.2)
  launchy
  mocha
  rake (>= 0.9.1)
  vanilla!

BUNDLED WITH
   2.1.4
